GEM
  remote: https://rubygems.org/

PLATFORMS
  ruby

DEPENDENCIES
  activesupport
  byebug
  sqlite3

BUNDLED WITH
   1.13.6
